GEM
  remote: https://rubygems.org/
  specs:
    rainbow (2.0.0)
    sass (3.4.19)
    scss_lint (0.43.1)
      rainbow (~> 2.0)
      sass (~> 3.4.15)

PLATFORMS
  ruby

DEPENDENCIES
  scss_lint (~> 0.43)

BUNDLED WITH
   1.10.6
